GEM
  remote: http://rubygems.org/
  specs:
    RedCloth (4.2.8)
    builder (3.0.0)
    creole (0.4.2)
    expression_parser (0.9.0)
    github-markup (0.5.3)
    haml (5.0.0)
      temple (>= 0.8.0)
      tilt
    org-ruby (0.5.3)
      rubypants (>= 0.2.0)
    rack (1.3.2)
    rdoc (3.6.1)
    redcarpet (1.17.2)
    rubypants (0.2.0)
    sinatra (1.2.6)
      rack (~> 1.1)
      tilt (>= 1.2.2, < 2.0)
    temple (0.8.2)
    tilt (1.3.3)
    wikicloth (0.7.0)
      builder
      expression_parser

PLATFORMS
  ruby

DEPENDENCIES
  RedCloth
  creole
  github-markup
  haml
  org-ruby
  rdoc (= 3.6.1)
  redcarpet
  sinatra
  wikicloth
